PATH
  remote: .
  specs:
    algolia (3.29.0)
      base64 (>= 0.2.0, < 1)
      faraday (>= 1.0.1, < 3.0)
      faraday-net_http_persistent (>= 0.15, < 3)
      net-http-persistent

GEM
  remote: https://rubygems.org/
  specs:
    base64 (0.3.0)
    connection_pool (2.5.4)
    faraday (2.14.0)
      faraday-net_http (>= 2.0, < 3.5)
      json
      logger
    faraday-net_http (3.4.1)
      net-http (>= 0.5.0)
    faraday-net_http_persistent (2.3.1)
      faraday (~> 2.5)
      net-http-persistent (>= 4.0.4, < 5)
    json (2.15.0)
    logger (1.7.0)
    net-http (0.6.0)
      uri
    net-http-persistent (4.0.6)
      connection_pool (~> 2.2, >= 2.2.4)
    rake (13.3.0)
    uri (1.0.4)

PLATFORMS
  aarch64-linux
  x86_64-linux

DEPENDENCIES
  algolia!
  bundler (>= 2.4.10)
  rake

BUNDLED WITH
   2.4.10
